PATH
  remote: .
  specs:
    minibars (0.2.0)
      handlebars-source
      mini_racer (~> 0.6.4)

GEM
  remote: https://rubygems.org/
  specs:
    byebug (11.1.3)
    coderay (1.1.3)
    diff-lcs (1.5.0)
    handlebars-source (4.7.7)
    libv8-node (16.19.0.1)
    method_source (1.0.0)
    mini_racer (0.6.4)
      libv8-node (~> 16.19.0.0)
    pry (0.14.2)
      coderay (~> 1.1)
      method_source (~> 1.0)
    pry-byebug (3.8.0)
      byebug (~> 11.0)
      pry (~> 0.10)
    rake (13.0.6)
    rspec (3.12.0)
      rspec-core (~> 3.12.0)
      rspec-expectations (~> 3.12.0)
      rspec-mocks (~> 3.12.0)
    rspec-core (3.12.2)
      rspec-support (~> 3.12.0)
    rspec-expectations (3.12.3)
      diff-lcs (>= 1.2.0, < 2.0)
      rspec-support (~> 3.12.0)
    rspec-mocks (3.12.5)
      diff-lcs (>= 1.2.0, < 2.0)
      rspec-support (~> 3.12.0)
    rspec-support (3.12.0)
    yard (0.9.34)

PLATFORMS
  ruby

DEPENDENCIES
  minibars!
  pry
  pry-byebug
  rake
  rspec (~> 3.7)
  yard

BUNDLED WITH
   2.4.8
